{
    "TaskName": "noise",
    "Manufacturer": "Elekta",
    "PowerLineFrequency": 50.0,
    "SamplingFrequency": 1000.0,
    "SoftwareFilters": {
        "SpatialCompensation": {
            "GradientOrder": 0
        }
    },
    "RecordingDuration": 252.999,
    "RecordingType": "continuous",
    "DewarPosition": "n/a",
    "DigitizedLandmarks": false,
    "DigitizedHeadPoints": false,
    "MEGChannelCount": 306,
    "MEGREFChannelCount": 0,
    "ContinuousHeadLocalization": false,
    "HeadCoilFrequency": [],
    "EEGChannelCount": 0,
    "EOGChannelCount": 2,
    "ECGChannelCount": 1,
    "EMGChannelCount": 1,
    "MiscChannelCount": 4,
    "TriggerChannelCount": 11
}
